GIT
  remote: git://github.com/rails/exception_notification
  revision: 192a49a02d63d28b23ed41cebadfedd490929cf1
  specs:
    exception_notification (1.0.0)

GEM
  remote: http://rubygems.org/
  specs:
    abstract (1.0.0)
    actionmailer (3.0.1)
      actionpack (= 3.0.1)
      mail (~> 2.2.5)
    actionpack (3.0.1)
      activemodel (= 3.0.1)
      activesupport (= 3.0.1)
      builder (~> 2.1.2)
      erubis (~> 2.6.6)
      i18n (~> 0.4.1)
      rack (~> 1.2.1)
      rack-mount (~> 0.6.12)
      rack-test (~> 0.5.4)
      tzinfo (~> 0.3.23)
    activemodel (3.0.1)
      activesupport (= 3.0.1)
      builder (~> 2.1.2)
      i18n (~> 0.4.1)
    activerecord (3.0.1)
      activemodel (= 3.0.1)
      activesupport (= 3.0.1)
      arel (~> 1.0.0)
      tzinfo (~> 0.3.23)
    activeresource (3.0.1)
      activemodel (= 3.0.1)
      activesupport (= 3.0.1)
    activesupport (3.0.1)
    acts-as-taggable-on (2.0.6)
    addressable (2.2.4)
    annotate (2.4.0)
    arel (1.0.1)
      activesupport (~> 3.0.0)
    aws-s3 (0.6.2)
      builder
      mime-types
      xml-simple
    bcrypt-ruby (2.1.4)
    bcrypt-ruby (2.1.4-x86-mingw32)
    builder (2.1.2)
    daemons (1.0.10)
    diff-lcs (1.1.2)
    erubis (2.6.6)
      abstract (>= 1.0.0)
    faraday (0.5.6)
      addressable (~> 2.2.4)
      multipart-post (~> 1.1.0)
      rack (>= 1.1.0, < 2)
    fb_graph (1.4.0)
      activesupport (>= 2.3)
      json (>= 1.4.3)
      oauth2 (>= 0.1.0)
      rest-client (>= 1.4)
    gem_plugin (0.2.3)
    i18n (0.4.2)
    jquery-rails (0.2.6)
      rails (~> 3.0)
      thor (~> 0.14.4)
    json (1.5.1)
    json (1.5.1-x86-mingw32)
    mail (2.2.10)
      activesupport (>= 2.3.6)
      i18n (~> 0.4.1)
      mime-types (~> 1.16)
      treetop (~> 1.4.8)
    meta_search (0.9.8)
      actionpack (~> 3.0.0)
      activerecord (~> 3.0.0)
      activesupport (~> 3.0.0)
      arel (~> 1.0.1)
    meta_where (0.9.6)
      activerecord (~> 3.0.0)
      activesupport (~> 3.0.0)
      arel (~> 1.0.1)
    mime-types (1.16)
    mongrel (1.2.0.pre2)
      daemons (~> 1.0.10)
      gem_plugin (~> 0.2.3)
    mongrel (1.2.0.pre2-x86-mingw32)
      gem_plugin (~> 0.2.3)
    multi_json (0.0.5)
    multipart-post (1.1.0)
    net-ldap (0.1.1)
    nokogiri (1.4.4)
    nokogiri (1.4.4-x86-mingw32)
    oa-basic (0.1.6)
      multi_json (~> 0.0.2)
      nokogiri (~> 1.4.2)
      oa-core (= 0.1.6)
      rest-client (~> 1.6.0)
    oa-core (0.1.6)
      rack (~> 1.1)
    oa-enterprise (0.1.6)
      net-ldap (~> 0.1.1)
      nokogiri (~> 1.4.2)
      oa-core (= 0.1.6)
      pyu-ruby-sasl (~> 0.0.3.1)
      rubyntlm (~> 0.1.1)
    oa-oauth (0.1.6)
      multi_json (~> 0.0.2)
      nokogiri (~> 1.4.2)
      oa-core (= 0.1.6)
      oauth (~> 0.4.0)
      oauth2 (~> 0.1.0)
    oa-openid (0.1.6)
      oa-core (= 0.1.6)
      rack-openid (~> 1.2.0)
      ruby-openid-apps-discovery
    oauth (0.4.4)
    oauth2 (0.1.1)
      faraday (~> 0.5.0)
      multi_json (~> 0.0.4)
    omniauth (0.1.6)
      oa-basic (= 0.1.6)
      oa-core (= 0.1.6)
      oa-enterprise (= 0.1.6)
      oa-oauth (= 0.1.6)
      oa-openid (= 0.1.6)
    omnisocial (0.1.4)
      bcrypt-ruby (~> 2.1)
      oa-core (~> 0.1.2)
      oa-oauth (~> 0.1.2)
    paperclip (2.3.6)
      activerecord
      activesupport
    polyglot (0.3.1)
    pyu-ruby-sasl (0.0.3.2)
    rack (1.2.1)
    rack-mount (0.6.13)
      rack (>= 1.0.0)
    rack-openid (1.2.0)
      rack (>= 1.1.0)
      ruby-openid (>= 2.1.8)
    rack-test (0.5.6)
      rack (>= 1.0)
    rails (3.0.1)
      actionmailer (= 3.0.1)
      actionpack (= 3.0.1)
      activerecord (= 3.0.1)
      activeresource (= 3.0.1)
      activesupport (= 3.0.1)
      bundler (~> 1.0.0)
      railties (= 3.0.1)
    rails3-jquery-autocomplete (0.6.2)
      rails (~> 3.0.0)
    railties (3.0.1)
      actionpack (= 3.0.1)
      activesupport (= 3.0.1)
      rake (>= 0.8.4)
      thor (~> 0.14.0)
    rake (0.8.7)
    rest-client (1.6.1)
      mime-types (>= 1.16)
    rspec (2.0.1)
      rspec-core (~> 2.0.1)
      rspec-expectations (~> 2.0.1)
      rspec-mocks (~> 2.0.1)
    rspec-core (2.0.1)
    rspec-expectations (2.0.1)
      diff-lcs (>= 1.1.2)
    rspec-mocks (2.0.1)
      rspec-core (~> 2.0.1)
      rspec-expectations (~> 2.0.1)
    rspec-rails (2.0.1)
      rspec (~> 2.0.0)
    ruby-openid (2.1.8)
    ruby-openid-apps-discovery (1.2.0)
      ruby-openid (>= 2.1.7)
    rubyntlm (0.1.1)
    sqlite3-ruby (1.3.2)
    sqlite3-ruby (1.3.2-x86-mingw32)
    thor (0.14.6)
    treetop (1.4.9)
      polyglot (>= 0.3.1)
    tzinfo (0.3.23)
    will_paginate (2.3.15)
    xml-simple (1.0.12)

PLATFORMS
  ruby
  x86-mingw32

DEPENDENCIES
  acts-as-taggable-on
  annotate
  aws-s3
  exception_notification!
  fb_graph
  jquery-rails
  meta_search
  meta_where
  mongrel (= 1.2.0.pre2)
  omniauth
  omnisocial
  paperclip
  rails (= 3.0.1)
  rails3-jquery-autocomplete
  rspec-rails (= 2.0.1)
  sqlite3-ruby
  will_paginate
